GIT
  remote: https://github.com/pyrmont/feedstock.git
  revision: badd7eed8186e8bdb605edd3e584c04a901fc30b
  specs:
    feedstock (0.4.0.pre.dev)
      nokogiri
      timeliness

GEM
  remote: https://rubygems.org/
  specs:
    nokogiri (1.14.3-x86_64-linux)
      racc (~> 1.4)
    racc (1.6.2)
    timeliness (0.4.4)

PLATFORMS
  x86_64-linux

DEPENDENCIES
  feedstock!

BUNDLED WITH
   2.3.7
