GIT
  remote: https://github.com/pyrmont/feedstock.git
  revision: 72ee5e9fb192ad36a03ae5f81efceaf433a8a956
  specs:
    feedstock (0.4.0)
      nokogiri
      timeliness

GEM
  remote: https://rubygems.org/
  specs:
    nokogiri (1.18.10-arm64-darwin)
      racc (~> 1.4)
    nokogiri (1.18.10-x86_64-darwin)
      racc (~> 1.4)
    nokogiri (1.18.10-x86_64-linux-gnu)
      racc (~> 1.4)
    racc (1.8.1)
    timeliness (0.5.3)

PLATFORMS
  arm64-darwin-23
  arm64-darwin-24
  x86_64-darwin-22
  x86_64-linux

DEPENDENCIES
  feedstock!

BUNDLED WITH
   2.6.2
