GIT
  remote: https://github.com/pyrmont/feedstock.git
  revision: 03aaadb3801160f711b3d67714844f69dd46d0a3
  specs:
    feedstock (0.4.0.pre.dev)
      nokogiri
      timeliness

GEM
  remote: https://rubygems.org/
  specs:
    nokogiri (1.18.4-arm64-darwin)
      racc (~> 1.4)
    nokogiri (1.18.4-x86_64-darwin)
      racc (~> 1.4)
    nokogiri (1.18.4-x86_64-linux-gnu)
      racc (~> 1.4)
    racc (1.8.1)
    timeliness (0.5.2)

PLATFORMS
  arm64-darwin-23
  arm64-darwin-24
  x86_64-darwin-22
  x86_64-linux

DEPENDENCIES
  feedstock!

BUNDLED WITH
   2.6.2
